GIT
  remote: https://github.com/raws/brane-memory.git
  revision: d61fc0468152f465456bac8b57aeae238104e8fa
  specs:
    brane-memory (0.0.1)

GEM
  remote: https://rubygems.org/
  specs:
    cinch (2.3.1)

PLATFORMS
  ruby

DEPENDENCIES
  brane-memory!
  cinch (~> 2.3.1)

BUNDLED WITH
   2.1.4
