GIT
  remote: https://github.com/blolol/cinch.git
  revision: 745108e75811e13e67443bc147783c057bbaf844
  branch: wheaties
  specs:
    cinch (2.3.5)

GIT
  remote: https://github.com/raws/brane-memory.git
  revision: d61fc0468152f465456bac8b57aeae238104e8fa
  specs:
    brane-memory (0.0.1)

GEM
  remote: https://rubygems.org/
  specs:

PLATFORMS
  ruby

DEPENDENCIES
  brane-memory!
  cinch!

BUNDLED WITH
   2.1.4
